GEM
  remote: https://rubygems.org/
  specs:
    decisiontree (0.5.0)
    descriptive_statistics (2.5.1)
    ffi (1.15.0)
    graphr (0.2.1)
    graphviz (1.2.1)
      process-pipeline
    process-group (1.2.3)
      process-terminal (~> 0.2.0)
    process-pipeline (1.0.2)
      process-group
    process-terminal (0.2.0)
      ffi
    ruby-statistics (2.1.3)

PLATFORMS
  ruby

DEPENDENCIES
  decisiontree (~> 0.5.0)
  descriptive_statistics (~> 2.5, >= 2.5.1)
  graphr (~> 0.2.1)
  graphviz (~> 1.2)
  ruby-statistics

BUNDLED WITH
   1.17.2
