GEM
  remote: https://rubygems.org/
  specs:
    decisiontree (0.5.0)
    descriptive_statistics (2.5.1)
    ruby-statistics (2.1.3)

PLATFORMS
  ruby

DEPENDENCIES
  decisiontree (~> 0.5.0)
  descriptive_statistics (~> 2.5, >= 2.5.1)
  ruby-statistics

BUNDLED WITH
   1.17.2
